GIT
  remote: git://github.com/patrickarlt/formula-framework.git
  revision: 875532f2619bcf134d2c87852d26221d3fb9a39d
  specs:
    formula-framework (0.0.1.a.2)

GEM
  remote: http://rubygems.org/
  specs:
    activemodel (3.2.9)
      activesupport (= 3.2.9)
      builder (~> 3.0.0)
    activesupport (3.2.9)
      i18n (~> 0.6)
      multi_json (~> 1.0)
    addressable (2.3.2)
    backports (2.6.5)
    bcrypt-ruby (3.0.1)
    builder (3.0.4)
    chunky_png (1.2.6)
    coderay (1.0.8)
    compass (0.12.2)
      chunky_png (~> 1.2)
      fssm (>= 0.2.7)
      sass (~> 3.1)
    crack (0.3.1)
    erubis (2.7.0)
    eventmachine (1.0.0)
    excon (0.16.10)
    fast-stemmer (1.0.2)
    foreman (0.57.0)
      thor (>= 0.13.6)
    fssm (0.2.9)
    hashie (1.2.0)
    heroku (2.33.2)
      heroku-api (~> 0.3.7)
      launchy (>= 0.3.2)
      netrc (~> 0.7.7)
      rest-client (~> 1.6.1)
      rubyzip
    heroku-api (0.3.7)
      excon (~> 0.16.10)
    highline (1.6.15)
    hike (1.2.1)
    i18n (0.6.1)
    json (1.7.5)
    launchy (2.1.2)
      addressable (~> 2.3)
    method_source (0.8.1)
    mime-types (1.19)
    minitest (4.3.2)
    mongoid (3.0.14)
      activemodel (~> 3.1)
      moped (~> 1.1)
      origin (~> 1.0)
      tzinfo (~> 0.3.22)
    mongoid-pagination (0.2.0)
      activesupport
      mongoid
    mongoid-tree (1.0.1)
      mongoid (>= 3.0, <= 4.0)
    mongoid_search (0.3.1)
      fast-stemmer (~> 1.0.0)
      mongoid (>= 3.0.0)
    mongoid_slug (1.0.1)
      mongoid (~> 3.0)
      stringex (~> 1.4)
    moped (1.3.0)
    multi_json (1.4.0)
    netrc (0.7.7)
    origin (1.0.11)
    pry (0.9.10)
      coderay (~> 1.0.5)
      method_source (~> 0.8)
      slop (~> 3.3.1)
    pry-nav (0.2.2)
      pry (~> 0.9.10)
    puma (2.0.1)
      rack (>= 1.1, < 2.0)
    rack (1.4.1)
    rack-protection (1.2.0)
      rack
    rack-test (0.6.2)
      rack (>= 1.0)
    rake (10.0.2)
    rest-client (1.6.7)
      mime-types (>= 1.16)
    rubyzip (0.9.9)
    sass (3.2.3)
    shotgun (0.9)
      rack (>= 1.0)
    simplecov (0.7.1)
      multi_json (~> 1.0)
      simplecov-html (~> 0.7.1)
    simplecov-html (0.7.1)
    sinatra (1.3.2)
      rack (~> 1.3, >= 1.3.6)
      rack-protection (~> 1.2)
      tilt (~> 1.3, >= 1.3.3)
    sinatra-contrib (1.3.2)
      backports (>= 2.0)
      eventmachine
      rack-protection
      rack-test
      sinatra (~> 1.3.0)
      tilt (~> 1.3)
    sinatra-flash (0.3.0)
      sinatra (>= 1.0.0)
    sinatra-support (1.2.2)
      sinatra (>= 1.0)
    slop (3.3.3)
    sprockets (2.8.1)
      hike (~> 1.2)
      multi_json (~> 1.0)
      rack (~> 1.0)
      tilt (~> 1.1, != 1.3.0)
    sprockets-helpers (0.7.2)
      sprockets (~> 2.0)
    sprockets-sass (0.9.1)
      sprockets (~> 2.0)
      tilt (~> 1.1)
    stringex (1.5.1)
    thor (0.16.0)
    tilt (1.3.3)
    tzinfo (0.3.35)
    webmock (1.9.0)
      addressable (>= 2.2.7)
      crack (>= 0.1.7)

PLATFORMS
  ruby

DEPENDENCIES
  bcrypt-ruby
  compass (~> 0.12.2)
  erubis (= 2.7.0)
  foreman (~> 0.57.0)
  formula-framework!
  hashie (= 1.2.0)
  heroku
  highline (~> 1.6.13)
  json
  minitest
  mongoid (~> 3.0.4)
  mongoid-pagination
  mongoid-tree (~> 1.0.0)
  mongoid_search (~> 0.3.0)
  mongoid_slug (~> 1.0.1)
  pry
  pry-nav
  puma
  rack-test
  rake
  sass (~> 3.2.1)
  shotgun
  simplecov
  sinatra (= 1.3.2)
  sinatra-contrib (~> 1.3.1)
  sinatra-flash (= 0.3.0)
  sinatra-support (= 1.2.2)
  sprockets
  sprockets-helpers
  sprockets-sass
  webmock
